GEM
  remote: https://rubygems.org/
  specs:
    byebug (11.0.0)
    childprocess (0.9.0)
      ffi (~> 1.0, >= 1.0.11)
    equatable (0.5.0)
    ffi (1.10.0)
    mini_portile2 (2.4.0)
    necromancer (0.4.0)
    nokogiri (1.10.1)
      mini_portile2 (~> 2.4.0)
    pastel (0.7.2)
      equatable (~> 0.5.0)
      tty-color (~> 0.4.0)
    rake (12.3.2)
    rubyzip (1.2.2)
    selenium-webdriver (3.141.0)
      childprocess (~> 0.5)
      rubyzip (~> 1.2, >= 1.2.2)
    strings (0.1.4)
      strings-ansi (~> 0.1.0)
      unicode-display_width (~> 1.4.0)
      unicode_utils (~> 1.4.0)
    strings-ansi (0.1.0)
    tty-color (0.4.3)
    tty-screen (0.6.5)
    tty-table (0.10.0)
      equatable (~> 0.5.0)
      necromancer (~> 0.4.0)
      pastel (~> 0.7.2)
      strings (~> 0.1.0)
      tty-screen (~> 0.6.4)
    unicode-display_width (1.4.1)
    unicode_utils (1.4.0)

PLATFORMS
  ruby

DEPENDENCIES
  byebug
  nokogiri
  rake
  selenium-webdriver
  tty-table

BUNDLED WITH
   1.17.1
