GEM
  remote: https://rubygems.org/
  specs:
    byebug (11.0.1)
    childprocess (1.0.1)
      rake (< 13.0)
    equatable (0.5.0)
    mini_portile2 (2.4.0)
    necromancer (0.4.0)
    nokogiri (1.10.3)
      mini_portile2 (~> 2.4.0)
    pastel (0.7.2)
      equatable (~> 0.5.0)
      tty-color (~> 0.4.0)
    rake (12.3.2)
    rubyzip (1.2.2)
    selenium-webdriver (3.142.1)
      childprocess (>= 0.5, < 2.0)
      rubyzip (~> 1.2, >= 1.2.2)
    strings (0.1.5)
      strings-ansi (~> 0.1)
      unicode-display_width (~> 1.5)
      unicode_utils (~> 1.4)
    strings-ansi (0.1.0)
    tty-color (0.4.3)
    tty-screen (0.6.5)
    tty-table (0.10.0)
      equatable (~> 0.5.0)
      necromancer (~> 0.4.0)
      pastel (~> 0.7.2)
      strings (~> 0.1.0)
      tty-screen (~> 0.6.4)
    unicode-display_width (1.5.0)
    unicode_utils (1.4.0)

PLATFORMS
  ruby

DEPENDENCIES
  byebug
  nokogiri
  rake
  selenium-webdriver
  tty-table

BUNDLED WITH
   1.17.1
